GEM
  remote: https://rubygems.org/
  specs:
    addressable (2.3.8)
    css_parser (1.3.6)
      addressable
    htmlentities (4.3.3)
    mini_portile (0.6.2)
    nokogiri (1.6.6.2)
      mini_portile (~> 0.6.0)
    premailer (1.8.4)
      css_parser (>= 1.3.6)
      htmlentities (>= 4.0.0)

PLATFORMS
  ruby

DEPENDENCIES
  nokogiri (= 1.6.6.2)
  premailer (= 1.8.4)
